PATH
  remote: .
  specs:
    caixa_simples (0.0.1)

GEM
  remote: https://rubygems.org/
  specs:
    minitest (5.3.5)
    rake (10.3.2)
    vcr (2.9.0)

PLATFORMS
  ruby

DEPENDENCIES
  bundler
  caixa_simples!
  minitest
  rake
  vcr
